GIT
  remote: git://github.com/hostingstack/resque.git
  revision: 76bbb55a6e2e3f728bc00975577b80a87fe9dbae
  specs:
    resque (1.17.1)
      json (>= 1.4.6, < 1.6)
      redis-namespace (~> 1.0.2)
      sinatra (>= 0.9.2)
      vegas (~> 0.1.2)

PATH
  remote: gems/hs-api
  specs:
    hs-api (0.01)
      resque
      resque-status
      thrift

GEM
  remote: http://rubygems.org/
  specs:
    activesupport (3.1.0)
      multi_json (~> 1.0)
    bouncy-castle-java (1.5.0146.1)
    builder (3.0.0)
    ci_reporter (1.6.5)
      builder (>= 2.1.2)
    erubis (2.7.0)
    hoe (2.12.3)
      rake (~> 0.8)
    i18n (0.6.0)
    jruby-openssl (0.7.4)
      bouncy-castle-java
    json (1.5.4)
    json (1.5.4-java)
    macaddr (1.4.0)
      systemu (~> 2.2.0)
    metaclass (0.0.1)
    mocha (0.10.0)
      metaclass (~> 0.0.1)
    multi_json (1.0.3)
    rack (1.3.4)
    rack-protection (1.1.2)
      rack
    rake (0.9.2)
    redis (2.2.2)
    redis-namespace (1.0.3)
      redis (< 3.0.0)
    redisk (0.2.2)
      redis (>= 0.1.1)
      redis-namespace (>= 0.1.0)
    resque-status (0.2.4)
      redisk (>= 0.2.1)
      resque (>= 1.3.1)
      uuid (>= 2.0.2)
    rubyzip (0.9.4)
    sinatra (1.3.0)
      rack (~> 1.3)
      rack-protection (~> 1.1)
      tilt (~> 1.3)
    systemu (2.2.0)
    test-spec (0.10.0)
    test-unit (1.2.3)
      hoe (>= 1.5.1)
    thrift (0.7.0)
    tilt (1.3.3)
    uuid (2.3.4)
      macaddr (~> 1.0)
    vegas (0.1.8)
      rack (>= 1.0.0)

PLATFORMS
  java
  ruby

DEPENDENCIES
  activesupport (~> 3.0)
  ci_reporter
  erubis
  hs-api!
  i18n
  jruby-openssl
  mocha
  rake
  resque!
  resque-status
  rubyzip
  test-spec
  test-unit (= 1.2.3)
  uuid
